GEM
  remote: http://rubygems.org/
  specs:
    activesupport (3.0.0)
    builder (2.1.2)
    i18n (0.6.9)
    libxml-ruby (2.7.0)
    mocha (0.9.8)
      rake
    oauth (0.4.3)
    rake (0.8.7)
    shoulda (2.11.3)

PLATFORMS
  ruby

DEPENDENCIES
  activesupport
  builder (>= 2.1.2)
  i18n
  libxml-ruby
  mocha
  oauth (>= 0.3.6)
  shoulda
